{
	"Modality": "MR",
	"MagneticFieldStrength": 1.5,
	"ImagingFrequency": 63.625242,
	"Manufacturer": "Siemens",
	"ManufacturersModelName": "Avanto_fit",
	"InstitutionName": "INSTITUTION",
	"BodyPart": "BRAIN",
	"PatientPosition": "HFS",
	"SoftwareVersions": "syngo MR E11",
	"MRAcquisitionType": "2D",
	"ScanningSequence": "SE",
	"SequenceVariant": "SK\\SP",
	"SequenceName": "*tse2d1rs2",
	"ImageType": ["ORIGINAL", "PRIMARY", "M", "NORM", "DIS2D", "MAGNITUDE"],
	"NonlinearGradientCorrection": true,
	"SeriesNumber": 11,
	"AcquisitionNumber": 1,
	"SliceThickness": 5,
	"SpacingBetweenSlices": 5,
	"SAR": 0.384854,
	"NumberOfAverages": 2,
	"EchoTime": 0.012,
	"RepetitionTime": 0.6,
	"SpoilingState": true,
	"FlipAngle": 150,
	"PartialFourier": 0.0128205,
	"MultibandAccelerationFactor": 30,
	"PercentPhaseFOV": 81.25,
	"PercentSampling": 60,
	"EchoTrainLength": 2,
	"PhaseEncodingSteps": 156,
	"AcquisitionMatrixPE": 156,
	"ReconMatrixPE": 260,
	"PixelBandwidth": 190,
	"PhaseEncodingAxis": "i",
	"ImageOrientationPatientDICOM": [
		0.975244,
		-0.113686,
		-0.189669,
		0.104224,
		0.992792,
		-0.0591735	],
	"InPlanePhaseEncodingDirectionDICOM": "ROW",
	"BidsGuess": ["anat","_acq-tse2_run-11_PDw"],
	"ConversionSoftware": "dcm2niix",
	"ConversionSoftwareVersion": "v1.0.20250505"
}
