{
	"Modality": "MR",
	"MagneticFieldStrength": 1.5,
	"ImagingFrequency": 63.625184,
	"Manufacturer": "Siemens",
	"ManufacturersModelName": "Avanto_fit",
	"InstitutionName": "INSTITUTION",
	"BodyPart": "BRAIN",
	"PatientPosition": "HFS",
	"SoftwareVersions": "syngo MR E11",
	"MRAcquisitionType": "2D",
	"ScanningSequence": "SE\\IR",
	"SequenceVariant": "SK\\SP\\MP",
	"ScanOptions": "IR\\FS",
	"SequenceName": "*tir2d1_20",
	"ImageType": ["ORIGINAL", "PRIMARY", "M", "ND", "NORM", "MAGNITUDE"],
	"NonlinearGradientCorrection": false,
	"SeriesNumber": 6,
	"AcquisitionNumber": 1,
	"SliceThickness": 5,
	"SpacingBetweenSlices": 5,
	"SAR": 0.254521,
	"EchoTime": 0.088,
	"RepetitionTime": 8,
	"SpoilingState": true,
	"InversionTime": 2.3717,
	"FlipAngle": 150,
	"PartialFourier": 0.119048,
	"MultibandAccelerationFactor": 30,
	"PercentPhaseFOV": 87.5,
	"PercentSampling": 75,
	"EchoTrainLength": 20,
	"PhaseEncodingSteps": 167,
	"AcquisitionMatrixPE": 168,
	"ReconMatrixPE": 224,
	"PixelBandwidth": 190,
	"PhaseEncodingAxis": "i",
	"ImageOrientationPatientDICOM": [
		0.975244,
		-0.113686,
		-0.189669,
		0.104224,
		0.992792,
		-0.0591735	],
	"InPlanePhaseEncodingDirectionDICOM": "ROW",
	"ConversionSoftware": "dcm2niix",
	"ConversionSoftwareVersion": "v1.0.20250505"
}
