{
	"Modality": "MR",
	"MagneticFieldStrength": 1.5,
	"ImagingFrequency": 63.625181,
	"Manufacturer": "Siemens",
	"ManufacturersModelName": "Avanto_fit",
	"InstitutionName": "INSTITUTION",
	"BodyPart": "BRAIN",
	"PatientPosition": "HFS",
	"SoftwareVersions": "syngo MR E11",
	"MRAcquisitionType": "2D",
	"ScanningSequence": "RM",
	"SequenceVariant": "SK\\SP",
	"ScanOptions": "FS",
	"SequenceName": "*re_b0_1000",
	"ImageType": ["DERIVED", "PRIMARY", "DIFFUSION", "ADC", "NORM", "DIS2D"],
	"NonlinearGradientCorrection": true,
	"RawImage": false,
	"SeriesNumber": 4,
	"AcquisitionNumber": 1,
	"SliceThickness": 5,
	"SpacingBetweenSlices": 5,
	"SAR": 0.115136,
	"EchoTime": 0.061,
	"RepetitionTime": 4.19,
	"SpoilingState": true,
	"FlipAngle": 180,
	"MultibandAccelerationFactor": 30,
	"PercentPhaseFOV": 100,
	"PercentSampling": 100,
	"PhaseEncodingSteps": 160,
	"AcquisitionMatrixPE": 160,
	"ReconMatrixPE": 160,
	"PixelBandwidth": 920,
	"PhaseEncodingAxis": "j",
	"ImageOrientationPatientDICOM": [
		0.975244,
		-0.113686,
		-0.189669,
		0.104223,
		0.992792,
		-0.0591735	],
	"InPlanePhaseEncodingDirectionDICOM": "COL",
	"BidsGuess": ["derived","_acq-reb0_run-4"],
	"ConversionSoftware": "dcm2niix",
	"ConversionSoftwareVersion": "v1.0.20250505"
}
